GEM
  remote: https://rubygems.org/
  specs:
    backports (3.15.0)
    multi_json (1.14.1)
    mustermann (1.0.3)
    pdf-core (0.7.0)
    prawn (2.2.2)
      pdf-core (~> 0.7.0)
      ttfunk (~> 1.5)
    rack (2.2.3)
    rack-protection (2.0.7)
      rack
    sinatra (2.0.7)
      mustermann (~> 1.0)
      rack (~> 2.0)
      rack-protection (= 2.0.7)
      tilt (~> 2.0)
    sinatra-contrib (2.0.7)
      backports (>= 2.8.2)
      multi_json
      mustermann (~> 1.0)
      rack-protection (= 2.0.7)
      sinatra (= 2.0.7)
      tilt (~> 2.0)
    thinreports (0.10.3)
      prawn (~> 2.2.0)
    tilt (2.0.10)
    ttfunk (1.5.1)

PLATFORMS
  ruby
  x86-mingw32

DEPENDENCIES
  sinatra (~> 2.0)
  sinatra-contrib (~> 2.0)
  thinreports (~> 0.10.3)

BUNDLED WITH
   2.1.2
